GEM
  remote: https://rubygems.org/
  specs:
    activemodel (4.0.3)
      activesupport (= 4.0.3)
      builder (~> 3.1.0)
    activerecord (4.0.3)
      activemodel (= 4.0.3)
      activerecord-deprecated_finders (~> 1.0.2)
      activesupport (= 4.0.3)
      arel (~> 4.0.0)
    activerecord-deprecated_finders (1.0.3)
    activesupport (4.0.3)
      i18n (~> 0.6, >= 0.6.4)
      minitest (~> 4.2)
      multi_json (~> 1.3)
      thread_safe (~> 0.1)
      tzinfo (~> 0.3.37)
    arel (4.0.2)
    ast (1.1.0)
    atomic (1.1.15)
    builder (3.1.4)
    docile (1.1.3)
    i18n (0.6.9)
    json (1.8.1)
    minitest (4.7.5)
    multi_json (1.9.0)
    parser (2.1.7)
      ast (~> 1.1)
      slop (~> 3.4, >= 3.4.5)
    pg (0.17.1)
    powerpack (0.0.9)
    rack (1.5.2)
    rack-protection (1.5.2)
      rack
    rainbow (2.0.0)
    rake (10.1.1)
    rubocop (0.18.1)
      json (>= 1.7.7, < 2)
      parser (~> 2.1.3)
      powerpack (~> 0.0.6)
      rainbow (>= 1.99.1, < 3.0)
    simplecov (0.8.2)
      docile (~> 1.1.0)
      multi_json
      simplecov-html (~> 0.8.0)
    simplecov-html (0.8.0)
    sinatra (1.4.4)
      rack (~> 1.4)
      rack-protection (~> 1.4)
      tilt (~> 1.3, >= 1.3.4)
    sinatra-activerecord (1.4.0)
      activerecord (>= 3.0)
      sinatra (~> 1.0)
    sinatra-flash (0.3.0)
      sinatra (>= 1.0.0)
    sinatra-redirect-with-flash (0.2.1)
      sinatra (>= 1.0.0)
    slop (3.5.0)
    thread_safe (0.2.0)
      atomic (>= 1.1.7, < 2)
    tilt (1.4.1)
    tzinfo (0.3.39)

PLATFORMS
  ruby

DEPENDENCIES
  activerecord
  pg
  rake
  rubocop
  simplecov
  sinatra
  sinatra-activerecord
  sinatra-flash
  sinatra-redirect-with-flash
